PATH
  remote: .
  specs:
    jitera_proto (0.0.65)
      google-protobuf (~> 3.25)
      grpc (~> 1.62)

GEM
  remote: https://rubygems.org/
  specs:
    google-protobuf (3.25.5)
    google-protobuf (3.25.5-arm64-darwin)
    googleapis-common-protos-types (1.16.0)
      google-protobuf (>= 3.18, < 5.a)
    grpc (1.67.0)
      google-protobuf (>= 3.25, < 5.0)
      googleapis-common-protos-types (~> 1.0)
    grpc (1.67.0-arm64-darwin)
      google-protobuf (>= 3.25, < 5.0)
      googleapis-common-protos-types (~> 1.0)
    grpc-tools (1.67.0)
    rake (13.0.6)

PLATFORMS
  arm64-darwin-21
  arm64-darwin-22
  arm64-darwin-23
  ruby

DEPENDENCIES
  google-protobuf (~> 3.25)
  grpc (~> 1.62)
  grpc-tools (~> 1.62)
  jitera_proto!
  rake (~> 13.0)

BUNDLED WITH
   2.3.13
