PATH
  remote: .
  specs:
    jitera_proto (0.0.29)
      google-protobuf (~> 3.23)
      grpc (~> 1.54.2)

GEM
  remote: https://rubygems.org/
  specs:
    google-protobuf (3.23.0-arm64-darwin)
    googleapis-common-protos-types (1.6.0)
      google-protobuf (~> 3.14)
    grpc (1.54.2)
      google-protobuf (~> 3.21)
      googleapis-common-protos-types (~> 1.0)
    grpc-tools (1.54.2)
    rake (13.0.6)

PLATFORMS
  arm64-darwin-21

DEPENDENCIES
  google-protobuf (~> 3.23)
  grpc (~> 1.54.2)
  grpc-tools (~> 1.54.2)
  jitera_proto!
  rake (~> 13.0)

BUNDLED WITH
   2.3.16
