PATH
  remote: .
  specs:
    jitera_proto (0.0.61)
      google-protobuf (~> 3.23.4)
      grpc (~> 1.56.2)

GEM
  remote: https://rubygems.org/
  specs:
    google-protobuf (3.23.4-arm64-darwin)
    googleapis-common-protos-types (1.7.0)
      google-protobuf (~> 3.14)
    grpc (1.56.2)
      google-protobuf (~> 3.23)
      googleapis-common-protos-types (~> 1.0)
    grpc-tools (1.56.2)
    rake (13.0.6)

PLATFORMS
  arm64-darwin-21
  arm64-darwin-22

DEPENDENCIES
  google-protobuf (~> 3.23.4)
  grpc (~> 1.56.2)
  grpc-tools (~> 1.56.2)
  jitera_proto!
  rake (~> 13.0)

BUNDLED WITH
   2.3.13
